PATH
  remote: .
  specs:
    ruby-pardot (1.2.0)
      crack (= 0.4.3)
      httparty (~> 0.16.0)

GEM
  remote: http://rubygems.org/
  specs:
    crack (0.4.3)
      safe_yaml (~> 1.0.0)
    diff-lcs (1.1.2)
    fakeweb (1.3.0)
    httparty (0.16.4)
      mime-types (~> 3.0)
      multi_xml (>= 0.5.2)
    mime-types (3.2.2)
      mime-types-data (~> 3.2015)
    mime-types-data (3.2019.0331)
    multi_xml (0.6.0)
    rspec (2.5.0)
      rspec-core (~> 2.5.0)
      rspec-expectations (~> 2.5.0)
      rspec-mocks (~> 2.5.0)
    rspec-core (2.5.1)
    rspec-expectations (2.5.0)
      diff-lcs (~> 1.1.2)
    rspec-mocks (2.5.0)
    safe_yaml (1.0.5)

PLATFORMS
  ruby

DEPENDENCIES
  bundler (>= 1.10)
  fakeweb
  rspec
  ruby-pardot!

BUNDLED WITH
   1.17.2
